GEM
  remote: http://rubygems.org/
  specs:
    PriorityQueue (0.1.2)
    abstract (1.0.0)
    algorithms (0.3.0)
    depq (0.6)
    git (1.2.5)
    hash-utils (1.0.0)
      ruby-version
    jeweler2 (2.0.9)
      git (>= 1.2.5)
    lookup-hash (0.2.0)
      hash-utils (>= 0.11.0)
    riot (0.12.5)
      rr
    rr (1.0.4)
    ruby-version (0.3.1)

PLATFORMS
  ruby

DEPENDENCIES
  PriorityQueue
  abstract (>= 1.0.0)
  algorithms
  bundler (>= 1.0.0)
  depq
  hash-utils (>= 0.18.1)
  jeweler2 (>= 2.0.0)
  lookup-hash
  riot (>= 0.12.3)
